GEM
  remote: https://rubygems.org/
  specs:
    amq-protocol (2.2.0)
    bunny (2.7.2)
      amq-protocol (>= 2.2.0)
    byebug (9.1.0)
    eventmachine (1.2.5)
    snmp (1.2.0)

PLATFORMS
  ruby

DEPENDENCIES
  bunny
  byebug
  eventmachine
  snmp

BUNDLED WITH
   1.15.3
